GIT
  remote: git://github.com/resolve/refinerycms-generators.git
  revision: bce03cb610916f20eaca7b66899045a58f96d00a
  specs:
    refinerycms-generators (1.1.0)

GIT
  remote: git://github.com/resolve/refinerycms-generators.git
  revision: bce03cb610916f20eaca7b66899045a58f96d00a
  specs:
    refinerycms-generators (1.1.0)

GIT
  remote: git://github.com/resolve/refinerycms.git
  revision: bdba8cb108cfab33b960d3c60f797ee3f53bd7d7
  specs:
    refinerycms-base (1.1.0)
    refinerycms-core (1.1.0)
      acts_as_indexed (~> 0.7)
      awesome_nested_set (~> 2.0)
      friendly_id_globalize3 (~> 3.2.1)
      globalize3 (~> 0.1)
      kaminari (~> 0.12)
      rails (>= 3.1.0.rc4)
      refinerycms-base (= 1.1.0)
      refinerycms-generators (~> 1.1)
      refinerycms-settings (= 1.1.0)
      truncate_html (~> 0.5)
    refinerycms-dashboard (1.1.0)
      refinerycms-core (= 1.1.0)
    refinerycms-settings (1.1.0)
      refinerycms-base (= 1.1.0)

GIT
  remote: git://github.com/resolve/refinerycms.git
  revision: bdba8cb108cfab33b960d3c60f797ee3f53bd7d7
  specs:
    refinerycms-base (1.1.0)
    refinerycms-core (1.1.0)
      acts_as_indexed (~> 0.7)
      awesome_nested_set (~> 2.0)
      friendly_id_globalize3 (~> 3.2.1)
      globalize3 (~> 0.1)
      kaminari (~> 0.12)
      rails (>= 3.1.0.rc4)
      refinerycms-base (= 1.1.0)
      refinerycms-generators (~> 1.1)
      refinerycms-settings (= 1.1.0)
      truncate_html (~> 0.5)
    refinerycms-dashboard (1.1.0)
      refinerycms-core (= 1.1.0)
    refinerycms-settings (1.1.0)
      refinerycms-base (= 1.1.0)

PATH
  remote: .
  specs:
    refinerycms-yuzublog (0.0.1)
      bundler (~> 1.0)
      rails (>= 3.1.0rc4)
      refinerycms-base (= 1.1.0)
      refinerycms-core (= 1.1.0)
      refinerycms-dashboard (= 1.1.0)
      refinerycms-settings (= 1.1.0)

GEM
  remote: http://rubygems.org/
  specs:
    actionmailer (3.1.0.rc4)
      actionpack (= 3.1.0.rc4)
      mail (~> 2.3.0)
    actionpack (3.1.0.rc4)
      activemodel (= 3.1.0.rc4)
      activesupport (= 3.1.0.rc4)
      builder (~> 3.0.0)
      erubis (~> 2.7.0)
      i18n (~> 0.6)
      rack (~> 1.3.0)
      rack-cache (~> 1.0.1)
      rack-mount (~> 0.8.1)
      rack-test (~> 0.6.0)
      sprockets (~> 2.0.0.beta.10)
      tzinfo (~> 0.3.27)
    activemodel (3.1.0.rc4)
      activesupport (= 3.1.0.rc4)
      bcrypt-ruby (~> 2.1.4)
      builder (~> 3.0.0)
      i18n (~> 0.6)
    activerecord (3.1.0.rc4)
      activemodel (= 3.1.0.rc4)
      activesupport (= 3.1.0.rc4)
      arel (~> 2.1.1)
      tzinfo (~> 0.3.27)
    activeresource (3.1.0.rc4)
      activemodel (= 3.1.0.rc4)
      activesupport (= 3.1.0.rc4)
    activesupport (3.1.0.rc4)
      multi_json (~> 1.0)
    acts_as_indexed (0.7.3)
    arel (2.1.3)
    awesome_nested_set (2.0.1)
      activerecord (>= 3.0.0)
    babosa (0.3.5)
    bcrypt-ruby (2.1.4)
    builder (3.0.0)
    erubis (2.7.0)
    friendly_id_globalize3 (3.2.1.4)
      babosa (~> 0.3.0)
    globalize3 (0.1.0)
      activemodel (>= 3.0.0)
      activerecord (>= 3.0.0)
    hike (1.2.0)
    i18n (0.6.0)
    kaminari (0.12.4)
      rails (>= 3.0.0)
    mail (2.3.0)
      i18n (>= 0.4.0)
      mime-types (~> 1.16)
      treetop (~> 1.4.8)
    mime-types (1.16)
    multi_json (1.0.3)
    polyglot (0.3.1)
    rack (1.3.1)
    rack-cache (1.0.2)
      rack (>= 0.4)
    rack-mount (0.8.1)
      rack (>= 1.0.0)
    rack-ssl (1.3.2)
      rack
    rack-test (0.6.0)
      rack (>= 1.0)
    rails (3.1.0.rc4)
      actionmailer (= 3.1.0.rc4)
      actionpack (= 3.1.0.rc4)
      activerecord (= 3.1.0.rc4)
      activeresource (= 3.1.0.rc4)
      activesupport (= 3.1.0.rc4)
      bundler (~> 1.0)
      railties (= 3.1.0.rc4)
    railties (3.1.0.rc4)
      actionpack (= 3.1.0.rc4)
      activesupport (= 3.1.0.rc4)
      rack-ssl (~> 1.3.2)
      rake (>= 0.8.7)
      rdoc (~> 3.4)
      thor (~> 0.14.6)
    rake (0.9.2)
    rdoc (3.8)
    sprockets (2.0.0.beta.11)
      hike (~> 1.1)
      rack (~> 1.0)
      tilt (!= 1.3.0, ~> 1.1)
    sqlite3 (1.3.3)
    thor (0.14.6)
    tilt (1.3.2)
    treetop (1.4.9)
      polyglot (>= 0.3.1)
    truncate_html (0.5.1)
    tzinfo (0.3.29)
    wirble (0.1.3)

PLATFORMS
  ruby

DEPENDENCIES
  rails (= 3.1.0.rc4)
  refinerycms-core (>= 1.1.0)!
  refinerycms-generators (>= 1.0.0)!
  refinerycms-yuzublog!
  sqlite3
  wirble
